PATH
  remote: .
  specs:
    deploy (0.0.6)

GEM
  remote: http://rubygems.org/
  specs:
    bacon (1.1.0)
    configatron (2.6.4)
      yamler (>= 0.1.0)
    ffaker (1.2.0)
    rr (1.0.2)
    yamler (0.1.0)

PLATFORMS
  ruby

DEPENDENCIES
  bacon
  configatron
  deploy!
  ffaker
  rr
