PATH
  remote: .
  specs:
    deploy (0.5)

GEM
  remote: http://rubygems.org/
  specs:
    bacon (1.1.0)
    ffaker (1.4.0)
    rr (1.0.2)

PLATFORMS
  ruby

DEPENDENCIES
  bacon
  deploy!
  ffaker
  rr
